PATH
  remote: .
  specs:
    rda (0.4.0)
      activesupport (>= 3.1)
      confstruct (~> 0.2)
      json_pure (~> 1.7.7)
      thor (~> 0.15)

GEM
  remote: http://ruby.taobao.org/
  specs:
    activesupport (3.2.13)
      i18n (= 0.6.1)
      multi_json (~> 1.0)
    coderay (1.0.7)
    confstruct (0.2.5)
    diff-lcs (1.1.3)
    ffi (1.0.11)
    ffi (1.0.11-java)
    fivemat (1.0.0)
    guard (1.2.1)
      listen (>= 0.4.2)
      thor (>= 0.14.6)
    guard-bundler (1.0.0)
      bundler (~> 1.0)
      guard (~> 1.1)
    guard-rspec (2.1.1)
      guard (>= 1.1)
      rspec (~> 2.11)
    i18n (0.6.1)
    json_pure (1.7.7)
    listen (0.4.7)
      rb-fchange (~> 0.0.5)
      rb-fsevent (~> 0.9.1)
      rb-inotify (~> 0.8.8)
    method_source (0.7.1)
    multi_json (1.7.1)
    pry (0.9.9.6)
      coderay (~> 1.0.5)
      method_source (~> 0.7.1)
      slop (>= 2.4.4, < 3)
    pry (0.9.9.6-java)
      coderay (~> 1.0.5)
      method_source (~> 0.7.1)
      slop (>= 2.4.4, < 3)
      spoon (~> 0.0)
    rb-fchange (0.0.5)
      ffi
    rb-fsevent (0.9.1)
    rb-inotify (0.8.8)
      ffi (>= 0.5.0)
    rspec (2.11.0)
      rspec-core (~> 2.11.0)
      rspec-expectations (~> 2.11.0)
      rspec-mocks (~> 2.11.0)
    rspec-core (2.11.1)
    rspec-expectations (2.11.3)
      diff-lcs (~> 1.1.3)
    rspec-mocks (2.11.3)
    slop (2.4.4)
    spoon (0.0.1)
    thor (0.15.4)

PLATFORMS
  java
  ruby

DEPENDENCIES
  fivemat (~> 1.0)
  guard (~> 1.2)
  guard-bundler (~> 1.0)
  guard-rspec (~> 2.1)
  pry (~> 0.9.9)
  rda!
  rspec (~> 2.10)
