PATH
  remote: .
  specs:
    rda (0.4.1)
      activesupport (>= 3.1)
      confstruct (~> 0.2)
      json_pure (~> 1.7.7)
      thor (~> 0.15)

GEM
  remote: http://ruby.taobao.org/
  specs:
    activesupport (3.2.13)
      i18n (= 0.6.1)
      multi_json (~> 1.0)
    coderay (1.0.9)
    confstruct (0.2.5)
    diff-lcs (1.2.1)
    fivemat (1.2.1)
    guard (1.6.2)
      listen (>= 0.6.0)
      lumberjack (>= 1.0.2)
      pry (>= 0.9.10)
      terminal-table (>= 1.4.3)
      thor (>= 0.14.6)
    guard-bundler (1.0.0)
      bundler (~> 1.0)
      guard (~> 1.1)
    guard-rspec (2.5.1)
      guard (>= 1.1)
      rspec (~> 2.11)
    i18n (0.6.1)
    json_pure (1.7.7)
    listen (0.7.3)
    lumberjack (1.0.2)
    method_source (0.8.1)
    multi_json (1.7.1)
    pry (0.9.12)
      coderay (~> 1.0.5)
      method_source (~> 0.8)
      slop (~> 3.4)
    pry (0.9.12-java)
      coderay (~> 1.0.5)
      method_source (~> 0.8)
      slop (~> 3.4)
      spoon (~> 0.0)
    rspec (2.13.0)
      rspec-core (~> 2.13.0)
      rspec-expectations (~> 2.13.0)
      rspec-mocks (~> 2.13.0)
    rspec-core (2.13.1)
    rspec-expectations (2.13.0)
      diff-lcs (>= 1.1.3, < 2.0)
    rspec-mocks (2.13.0)
    slop (3.4.4)
    spoon (0.0.1)
    terminal-table (1.4.5)
    thor (0.17.0)

PLATFORMS
  java
  ruby

DEPENDENCIES
  fivemat (~> 1.0)
  guard (~> 1.2)
  guard-bundler (~> 1.0)
  guard-rspec (~> 2.1)
  pry (~> 0.9.9)
  rda!
  rspec (~> 2.10)
